GEM
  remote: https://rubygems.org/
  specs:
    childprocess (1.0.1)
      rake (< 13.0)
    mini_portile2 (2.5.1)
    nokogiri (1.11.5)
      mini_portile2 (~> 2.5.0)
      racc (~> 1.4)
    racc (1.5.2)
    rake (12.3.2)
    regexp_parser (1.6.0)
    rubyzip (1.2.3)
    selenium-webdriver (3.142.3)
      childprocess (>= 0.5, < 2.0)
      rubyzip (~> 1.2, >= 1.2.2)
    watir (6.16.5)
      regexp_parser (~> 1.2)
      selenium-webdriver (~> 3.6)
    webdrivers (4.1.1)
      nokogiri (~> 1.6)
      rubyzip (~> 1.0)
      selenium-webdriver (>= 3.0, < 4.0)

PLATFORMS
  ruby

DEPENDENCIES
  selenium-webdriver (~> 3.142, >= 3.142.3)
  watir (~> 6.16, >= 6.16.5)
  webdrivers (~> 4.0)

RUBY VERSION
   ruby 2.5.1p57

BUNDLED WITH
   2.0.2
